PATH
  remote: .
  specs:
    ruby-smpp (0.6.2)
      eventmachine
      scanf

GEM
  remote: https://rubygems.org/
  specs:
    eventmachine (1.2.7)
    power_assert (2.0.1)
    rake (13.0.6)
    scanf (1.0.0)
    test-unit (3.5.3)
      power_assert

PLATFORMS
  x86_64-linux

DEPENDENCIES
  bundler
  rake
  ruby-smpp!
  test-unit

BUNDLED WITH
   2.3.16
